PATH
  remote: .
  specs:
    tatl_tael (0.0.1)

GEM
  remote: https://rubygems.org/
  specs:
    diff-lcs (1.5.1)
    fakefs (1.9.0)
    rspec (3.13.0)
      rspec-core (~> 3.13.0)
      rspec-expectations (~> 3.13.0)
      rspec-mocks (~> 3.13.0)
    rspec-core (3.13.2)
      rspec-support (~> 3.13.0)
    rspec-expectations (3.13.3)
      diff-lcs (>= 1.2.0, < 2.0)
      rspec-support (~> 3.13.0)
    rspec-mocks (3.13.2)
      diff-lcs (>= 1.2.0, < 2.0)
      rspec-support (~> 3.13.0)
    rspec-support (3.13.2)
    timecop (0.9.10)

PLATFORMS
  aarch64-linux
  arm64-darwin
  ruby
  x86_64-darwin
  x86_64-linux

DEPENDENCIES
  fakefs (~> 1.2)
  rspec (~> 3.12)
  tatl_tael!
  timecop (~> 0.9)

RUBY VERSION
   ruby 3.3.3p89

BUNDLED WITH
   2.5.10
